GEM
  remote: http://rubygems.org/
  specs:
    diff-lcs (1.1.3)
    ethon (0.5.9)
      ffi (~> 1.2.0)
      mime-types (~> 1.18)
    ffi (1.2.1)
    git (1.2.5)
    jeweler (1.8.3)
      bundler (~> 1.0)
      git (>= 1.2.5)
      rake
      rdoc
    json (1.7.0)
    mime-types (1.21)
    rake (0.9.2.2)
    rdoc (3.12)
      json (~> 1.4)
    rspec (2.9.0)
      rspec-core (~> 2.9.0)
      rspec-expectations (~> 2.9.0)
      rspec-mocks (~> 2.9.0)
    rspec-core (2.9.0)
    rspec-expectations (2.9.1)
      diff-lcs (~> 1.1.3)
    rspec-mocks (2.9.0)
    typhoeus (0.6.1)
      ethon (~> 0.5.9)

PLATFORMS
  ruby

DEPENDENCIES
  jeweler (~> 1.8.3)
  json
  rspec
  typhoeus (>= 0.6.1)
